GIT
  remote: git://github.com/Chorus/gnip.git
  revision: c048a22652ed553ec6ab58dd84cfb4c9117eed24
  specs:
    chorusgnip (0.0.1)

GIT
  remote: git://github.com/Chorus/jetpack.git
  revision: fd7a55d8a95174583f134805df2d0179ae2297c7
  branch: 6c9253195b+chorus
  specs:
    jetpack (0.1.5)

GIT
  remote: git://github.com/Chorus/queue_classic.git
  revision: 3f30501e8bb15f394c07401aab083771ca5598f7
  specs:
    queue_classic (2.0.0)
      scrolls (~> 0.0.8)

GIT
  remote: git://github.com/charleshansen/backbone_fixtures_rails.git
  revision: 0bb6b749407059980e81644c81a01e265b113607
  specs:
    backbone_fixtures_rails (0.0.3)
      jasmine
      railties (>= 3.1)
      rspec

PATH
  remote: components
  specs:
    api (0.0.1)
      actionpack (= 4.1.10)
      actionview (= 4.1.10)
      activeresource (= 4.0.0)
      compass-rails (= 2.0.4)
      core
      jbuilder (= 2.3.0)
      nokogiri (= 1.6.6.2)
      sass-rails (= 5.0.1)
      sunspot_rails (= 2.1.0)
      will_paginate (= 3.0.4)
    core (0.0.1)
      actionmailer (= 4.1.10)
      activerecord (= 4.1.10)
      activerecord-jdbcpostgresql-adapter
      attr_encrypted
      clockwork
      honor_codes (~> 0.1.0)
      jruby-openssl
      logger-syslog
      net-ldap (= 0.11)
      newrelic_rpm
      paperclip (= 4.2.0)
      premailer-rails
      protected_attributes
      render_anywhere
      sequel (~> 4.0)
      sunspot_rails (= 2.1.0)
      will_paginate (= 3.0.4)
    frontend (0.0.1)
      actionpack (= 4.1.10)
      actionview (= 4.1.10)
      codemirror-rails (= 5.3)
      compass-rails (= 2.0.4)
      core
      handlebars_assets (= 0.20.2)
      jquery-rails (= 2.1.4)
      messengerjs-rails (= 1.4.1)
      mustache (= 0.99.4)
      sass-rails (= 5.0.1)
      therubyrhino (= 2.0.4)
      uglifier (= 2.7.1)
      yui-compressor (= 0.12.0)

GEM
  remote: https://rubygems.org/
  specs:
    actionmailer (4.1.10)
      actionpack (= 4.1.10)
      actionview (= 4.1.10)
      mail (~> 2.5, >= 2.5.4)
    actionpack (4.1.10)
      actionview (= 4.1.10)
      activesupport (= 4.1.10)
      rack (~> 1.5.2)
      rack-test (~> 0.6.2)
    actionview (4.1.10)
      activesupport (= 4.1.10)
      builder (~> 3.1)
      erubis (~> 2.7.0)
    activemodel (4.1.10)
      activesupport (= 4.1.10)
      builder (~> 3.1)
    activerecord (4.1.10)
      activemodel (= 4.1.10)
      activesupport (= 4.1.10)
      arel (~> 5.0.0)
    activerecord-jdbc-adapter (1.3.16)
      activerecord (>= 2.2)
    activerecord-jdbcpostgresql-adapter (1.3.16)
      activerecord-jdbc-adapter (~> 1.3.16)
      jdbc-postgres (>= 9.1)
    activeresource (4.0.0)
      activemodel (~> 4.0)
      activesupport (~> 4.0)
      rails-observers (~> 0.1.1)
    activesupport (4.1.10)
      i18n (~> 0.6, >= 0.6.9)
      json (~> 1.7, >= 1.7.7)
      minitest (~> 5.1)
      thread_safe (~> 0.1)
      tzinfo (~> 1.1)
    addressable (2.3.8)
    arel (5.0.1.20140414130214)
    attr_encrypted (1.3.4)
      encryptor (>= 1.3.0)
    bouncy-castle-java (1.5.0147)
    builder (3.2.2)
    bullet (4.6.0)
      uniform_notifier
    chunky_png (1.3.4)
    climate_control (0.0.3)
      activesupport (>= 3.0)
    clockwork (1.2.0)
      activesupport
      tzinfo
    cocaine (0.5.7)
      climate_control (>= 0.0.3, < 1.0)
    codemirror-rails (5.3)
      railties (>= 3.0, < 5)
    compass (1.0.3)
      chunky_png (~> 1.2)
      compass-core (~> 1.0.2)
      compass-import-once (~> 1.0.5)
      rb-fsevent (>= 0.9.3)
      rb-inotify (>= 0.9)
      sass (>= 3.3.13, < 3.5)
    compass-core (1.0.3)
      multi_json (~> 1.0)
      sass (>= 3.3.0, < 3.5)
    compass-import-once (1.0.5)
      sass (>= 3.2, < 3.5)
    compass-rails (2.0.4)
      compass (~> 1.0.0)
      sass-rails (<= 5.0.1)
      sprockets (< 2.13)
    css_parser (1.3.6)
      addressable
    diff-lcs (1.2.5)
    encryptor (1.3.0)
    erubis (2.7.0)
    execjs (2.6.0)
    ffi (1.9.9)
    ffi (1.9.9-java)
    handlebars_assets (0.20.2)
      execjs (~> 2.0)
      multi_json (~> 1.0)
      sprockets (>= 2.0.0, < 4.0)
      tilt (~> 1.2)
    hike (1.2.3)
    honor_codes (0.1.2)
      thor (~> 0.19.1)
    htmlentities (4.3.3)
    i18n (0.7.0)
    jasmine (2.3.1)
      jasmine-core (~> 2.3)
      phantomjs
      rack (>= 1.2.1)
      rake
    jasmine-core (2.3.4)
    jbuilder (2.3.0)
      activesupport (>= 3.0.0, < 5)
      multi_json (~> 1.2)
    jdbc-postgres (9.4.1200)
    jquery-rails (2.1.4)
      railties (>= 3.0, < 5.0)
      thor (>= 0.14, < 2.0)
    jruby-openssl (0.9.11)
      bouncy-castle-java (>= 1.5.0147)
    jruby-openssl (0.9.11-java)
    json (1.8.3)
    json (1.8.3-java)
    logger-syslog (1.7.1)
    mail (2.6.3)
      mime-types (>= 1.16, < 3)
    messengerjs-rails (1.4.1)
    mime-types (2.6.1)
    mini_portile (0.6.2)
    minitest (5.8.0)
    multi_json (1.11.1)
    mustache (0.99.4)
    net-ldap (0.11)
    newrelic_rpm (3.12.0.288)
    nokogiri (1.6.6.2)
      mini_portile (~> 0.6.0)
    nokogiri (1.6.6.2-java)
    paperclip (4.2.0)
      activemodel (>= 3.0.0)
      activesupport (>= 3.0.0)
      cocaine (~> 0.5.3)
      mime-types
    phantomjs (1.9.8.0)
    pr_geohash (1.0.0)
    premailer (1.8.4)
      css_parser (>= 1.3.6)
      htmlentities (>= 4.0.0)
    premailer-rails (1.8.2)
      actionmailer (>= 3, < 5)
      premailer (~> 1.7, >= 1.7.9)
    protected_attributes (1.1.0)
      activemodel (>= 4.0.1, < 5.0)
    rack (1.5.5)
    rack-test (0.6.3)
      rack (>= 1.0)
    rails (4.1.10)
      actionmailer (= 4.1.10)
      actionpack (= 4.1.10)
      actionview (= 4.1.10)
      activemodel (= 4.1.10)
      activerecord (= 4.1.10)
      activesupport (= 4.1.10)
      bundler (>= 1.3.0, < 2.0)
      railties (= 4.1.10)
      sprockets-rails (~> 2.0)
    rails-observers (0.1.2)
      activemodel (~> 4.0)
    railties (4.1.10)
      actionpack (= 4.1.10)
      activesupport (= 4.1.10)
      rake (>= 0.8.7)
      thor (>= 0.18.1, < 2.0)
    rake (10.4.2)
    rb-fsevent (0.9.5)
    rb-inotify (0.9.5)
      ffi (>= 0.5.0)
    render_anywhere (0.0.11)
      rails (>= 3.0.7)
    rsolr (1.0.10)
      builder (>= 2.1.2)
    rspec (3.3.0)
      rspec-core (~> 3.3.0)
      rspec-expectations (~> 3.3.0)
      rspec-mocks (~> 3.3.0)
    rspec-core (3.3.2)
      rspec-support (~> 3.3.0)
    rspec-expectations (3.3.1)
      diff-lcs (>= 1.2.0, < 2.0)
      rspec-support (~> 3.3.0)
    rspec-mocks (3.3.2)
      diff-lcs (>= 1.2.0, < 2.0)
      rspec-support (~> 3.3.0)
    rspec-support (3.3.0)
    sass (3.4.15)
    sass-rails (5.0.1)
      railties (>= 4.0.0, < 5.0)
      sass (~> 3.1)
      sprockets (>= 2.8, < 4.0)
      sprockets-rails (>= 2.0, < 4.0)
      tilt (~> 1.1)
    scrolls (0.0.9)
    sequel (4.23.0)
    sprockets (2.12.4)
      hike (~> 1.2)
      multi_json (~> 1.0)
      rack (~> 1.0)
      tilt (~> 1.1, != 1.3.0)
    sprockets-rails (2.3.2)
      actionpack (>= 3.0)
      activesupport (>= 3.0)
      sprockets (>= 2.8, < 4.0)
    sunspot (2.1.0)
      pr_geohash (~> 1.0)
      rsolr (~> 1.0.7)
    sunspot_rails (2.1.0)
      nokogiri
      rails (>= 3)
      sunspot (= 2.1.0)
    therubyrhino (2.0.4)
      therubyrhino_jar (>= 1.7.3)
    therubyrhino_jar (1.7.6)
    thor (0.19.1)
    thread_safe (0.3.5)
    thread_safe (0.3.5-java)
    tilt (1.4.1)
    tzinfo (1.2.2)
      thread_safe (~> 0.1)
    uglifier (2.7.1)
      execjs (>= 0.3.0)
      json (>= 1.8.0)
    uniform_notifier (1.2.0)
    will_paginate (3.0.4)
    yui-compressor (0.12.0)

PLATFORMS
  java
  ruby

DEPENDENCIES
  api!
  backbone_fixtures_rails!
  bullet
  chorusgnip!
  core!
  frontend!
  jetpack!
  queue_classic!

BUNDLED WITH
   1.10.6
