GIT
  remote: git://github.com/Chorus/chorus-hadoop-conf.git
  revision: ce0d34dde0f5f4dd372af6406fafd9c5b2baac5f
  ref: ce0d34dde0f5f4dd372af6406fafd9c5b2baac5f
  specs:
    hadoopconf_gem (0.0.1)
      httparty

GIT
  remote: git://github.com/Chorus/gnip.git
  revision: a6bcb4e7981022c6e0c9f70e311200b82451ef2e
  specs:
    chorusgnip (0.0.1)

GIT
  remote: git://github.com/Chorus/jetpack.git
  revision: fd7a55d8a95174583f134805df2d0179ae2297c7
  branch: 6c9253195b+chorus
  specs:
    jetpack (0.1.5)

GIT
  remote: git://github.com/Chorus/queue_classic.git
  revision: 3f30501e8bb15f394c07401aab083771ca5598f7
  specs:
    queue_classic (2.0.0)
      scrolls (~> 0.0.8)

GIT
  remote: git://github.com/charleshansen/backbone_fixtures_rails.git
  revision: 0bb6b749407059980e81644c81a01e265b113607
  specs:
    backbone_fixtures_rails (0.0.3)
      jasmine
      railties (>= 3.1)
      rspec

GIT
  remote: git://github.com/pivotal/jasmine-gem.git
  revision: eb2c7043e0086d078f82a01e882ddead38d8fdc6
  specs:
    jasmine (2.3.1)
      jasmine-core (~> 2.3)
      phantomjs
      rack (>= 1.2.1)
      rake

GIT
  remote: git://github.com/pivotal/jasmine.git
  revision: 1e35e8ba9577d781cc12d3861297dd9ed905b3d4
  specs:
    jasmine-core (2.3.4)

PATH
  remote: components
  specs:
    api (1.0.0-java)
      actionpack (= 4.1.10)
      actionview (= 4.1.10)
      activeresource (= 4.0.0)
      authorization
      compass-rails (= 2.0.4)
      core
      jbuilder (= 2.3.0)
      mustache (= 0.99.4)
      nokogiri (= 1.6.6.2)
      sass-rails (= 5.0.1)
      sunspot_rails (= 2.1.0)
      will_paginate (= 3.0.7)
    authorization (1.0.0)
      activerecord-jdbcpostgresql-adapter
      rails (= 4.1.10)
    core (1.0.0-java)
      actionmailer (= 4.1.10)
      activerecord (= 4.1.10)
      activerecord-jdbcpostgresql-adapter
      attr_encrypted
      clockwork
      honor_codes (~> 0.1.0)
      jruby-openssl
      logger-syslog
      net-ldap (= 0.11)
      newrelic_rpm
      paperclip (= 4.2.0)
      premailer-rails
      protected_attributes
      render_anywhere
      rubyzip (= 0.9.9)
      sequel (~> 4.0)
      sunspot_rails (= 2.1.0)
      will_paginate
    frontend (1.0.0-java)
      actionpack (= 4.1.10)
      actionview (= 4.1.10)
      api
      codemirror-rails (= 5.3)
      compass-rails (= 2.0.4)
      handlebars_assets (= 0.14.1)
      jquery-rails (= 2.1.4)
      messengerjs-rails (= 1.4.1)
      mizuno
      mustache (= 0.99.4)
      sass-rails (= 5.0.1)
      therubyrhino (= 2.0.4)
      uglifier (= 2.7.1)
      vis_legacy
      yui-compressor (= 0.12.0)
    vis_legacy (1.0.0-java)

GEM
  remote: https://rubygems.org/
  specs:
    actionmailer (4.1.10)
      actionpack (= 4.1.10)
      actionview (= 4.1.10)
      mail (~> 2.5, >= 2.5.4)
    actionpack (4.1.10)
      actionview (= 4.1.10)
      activesupport (= 4.1.10)
      rack (~> 1.5.2)
      rack-test (~> 0.6.2)
    actionview (4.1.10)
      activesupport (= 4.1.10)
      builder (~> 3.1)
      erubis (~> 2.7.0)
    activemodel (4.1.10)
      activesupport (= 4.1.10)
      builder (~> 3.1)
    activerecord (4.1.10)
      activemodel (= 4.1.10)
      activesupport (= 4.1.10)
      arel (~> 5.0.0)
    activerecord-jdbc-adapter (1.3.19)
      activerecord (>= 2.2)
    activerecord-jdbcpostgresql-adapter (1.3.19)
      activerecord-jdbc-adapter (~> 1.3.19)
      jdbc-postgres (>= 9.1)
    activeresource (4.0.0)
      activemodel (~> 4.0)
      activesupport (~> 4.0)
      rails-observers (~> 0.1.1)
    activesupport (4.1.10)
      i18n (~> 0.6, >= 0.6.9)
      json (~> 1.7, >= 1.7.7)
      minitest (~> 5.1)
      thread_safe (~> 0.1)
      tzinfo (~> 1.1)
    addressable (2.3.8)
    arel (5.0.1.20140414130214)
    attr_encrypted (1.3.4)
      encryptor (>= 1.3.0)
    builder (3.2.2)
    bullet (4.6.0)
      uniform_notifier
    childprocess (0.5.8)
      ffi (~> 1.0, >= 1.0.11)
    choice (0.2.0)
    chunky_png (1.3.5)
    climate_control (0.0.3)
      activesupport (>= 3.0)
    clockwork (1.2.0)
      activesupport
      tzinfo
    cocaine (0.5.7)
      climate_control (>= 0.0.3, < 1.0)
    codemirror-rails (5.3)
      railties (>= 3.0, < 5)
    compass (1.0.3)
      chunky_png (~> 1.2)
      compass-core (~> 1.0.2)
      compass-import-once (~> 1.0.5)
      rb-fsevent (>= 0.9.3)
      rb-inotify (>= 0.9)
      sass (>= 3.3.13, < 3.5)
    compass-core (1.0.3)
      multi_json (~> 1.0)
      sass (>= 3.3.0, < 3.5)
    compass-import-once (1.0.5)
      sass (>= 3.2, < 3.5)
    compass-rails (2.0.4)
      compass (~> 1.0.0)
      sass-rails (<= 5.0.1)
      sprockets (< 2.13)
    css_parser (1.3.7)
      addressable
    diff-lcs (1.2.5)
    docile (1.1.5)
    encryptor (1.3.0)
    erubis (2.7.0)
    execjs (2.6.0)
    factory_girl (4.5.0)
      activesupport (>= 3.0.0)
    ffi (1.9.10-java)
    fixture_builder (0.4.1)
      activerecord (>= 2)
      activesupport (>= 2)
    handlebars_assets (0.14.1)
      execjs (>= 1.2.9)
      sprockets (>= 2.0.3)
      tilt
    hashie (3.4.2)
    hike (1.2.3)
    honor_codes (0.1.1)
      thor (~> 0.18.1)
    htmlentities (4.3.4)
    httparty (0.13.7)
      json (~> 1.8)
      multi_xml (>= 0.5.2)
    i18n (0.7.0)
    jbuilder (2.3.0)
      activesupport (>= 3.0.0, < 5)
      multi_json (~> 1.2)
    jdbc-postgres (9.4.1204)
    jquery-rails (2.1.4)
      railties (>= 3.0, < 5.0)
      thor (>= 0.14, < 2.0)
    jruby-openssl (0.9.12-java)
    json (1.8.2-java)
    logger-syslog (1.7.1)
    mail (2.6.3)
      mime-types (>= 1.16, < 3)
    messengerjs-rails (1.4.1)
    mime-types (2.6.2)
    minitest (5.8.0)
    mizuno (0.6.11)
      childprocess (>= 0.2.6)
      choice (>= 0.1.0)
      ffi (>= 1.0.0)
      rack (>= 1.0.0)
    multi_json (1.11.2)
    multi_xml (0.5.5)
    mustache (0.99.4)
    net-ldap (0.11)
    newrelic_rpm (3.14.0.305)
    nokogiri (1.6.6.2-java)
    paperclip (4.2.0)
      activemodel (>= 3.0.0)
      activesupport (>= 3.0.0)
      cocaine (~> 0.5.3)
      mime-types
    phantomjs (1.9.8.0)
    pr_geohash (1.0.0)
    premailer (1.8.6)
      css_parser (>= 1.3.6)
      htmlentities (>= 4.0.0)
    premailer-rails (1.8.2)
      actionmailer (>= 3, < 5)
      premailer (~> 1.7, >= 1.7.9)
    protected_attributes (1.1.3)
      activemodel (>= 4.0.1, < 5.0)
    rack (1.5.2)
    rack-test (0.6.3)
    rails (4.1.10)
      actionmailer (= 4.1.10)
      actionpack (= 4.1.10)
      actionview (= 4.1.10)
      activemodel (= 4.1.10)
      activerecord (= 4.1.10)
      activesupport (= 4.1.10)
      bundler (>= 1.3.0, < 2.0)
      railties (= 4.1.10)
      sprockets-rails (~> 2.0)
    rails-observers (0.1.2)
      activemodel (~> 4.0)
    railties (4.1.10)
      actionpack (= 4.1.10)
      activesupport (= 4.1.10)
      rake (>= 0.8.7)
      thor (>= 0.18.1, < 2.0)
    rake (10.4.2)
    rb-fsevent (0.9.6)
    rb-inotify (0.9.5)
      ffi (>= 0.5.0)
    render_anywhere (0.0.12)
      rails (>= 3.0.7)
    rr (1.1.2)
    rsolr (1.0.13)
      builder (>= 2.1.2)
    rspec (2.99.0)
      rspec-core (~> 2.99.0)
      rspec-expectations (~> 2.99.0)
      rspec-mocks (~> 2.99.0)
    rspec-collection_matchers (1.1.2)
      rspec-expectations (>= 2.99.0.beta1)
    rspec-core (2.99.2)
    rspec-expectations (2.99.2)
      diff-lcs (>= 1.1.3, < 2.0)
    rspec-mocks (2.99.4)
    rspec-rails (2.99.0)
      actionpack (>= 3.0)
      activemodel (>= 3.0)
      activesupport (>= 3.0)
      railties (>= 3.0)
      rspec-collection_matchers
      rspec-core (~> 2.99.0)
      rspec-expectations (~> 2.99.0)
      rspec-mocks (~> 2.99.0)
    rubyzip (0.9.9)
    sass (3.4.19)
    sass-rails (5.0.1)
      railties (>= 4.0.0, < 5.0)
      sass (~> 3.1)
      sprockets (>= 2.8, < 4.0)
      sprockets-rails (>= 2.0, < 4.0)
      tilt (~> 1.1)
    scrolls (0.0.9)
    sequel (4.28.0)
    shoulda-matchers (2.8.0)
      activesupport (>= 3.0.0)
    simplecov (0.10.0)
      docile (~> 1.1.0)
      json (~> 1.8)
      simplecov-html (~> 0.10.0)
    simplecov-html (0.10.0)
    sprockets (2.12.4)
      hike (~> 1.2)
      multi_json (~> 1.0)
      rack (~> 1.0)
      tilt (~> 1.1, != 1.3.0)
    sprockets-rails (2.3.3)
      actionpack (>= 3.0)
      activesupport (>= 3.0)
      sprockets (>= 2.8, < 4.0)
    sunspot (2.1.0)
      pr_geohash (~> 1.0)
      rsolr (~> 1.0.7)
    sunspot_matchers (2.1.0.0)
    sunspot_rails (2.1.0)
      nokogiri
      rails (>= 3)
      sunspot (= 2.1.0)
    therubyrhino (2.0.4)
      therubyrhino_jar (>= 1.7.3)
    therubyrhino_jar (1.7.6)
    thor (0.18.1)
    thread_safe (0.3.5-java)
    tilt (1.4.1)
    timecop (0.8.0)
    tzinfo (1.2.2)
      thread_safe (~> 0.1)
    uglifier (2.7.1)
      execjs (>= 0.3.0)
      json (>= 1.8.0)
    uniform_notifier (1.2.0)
    will_paginate (3.0.7)
    yui-compressor (0.12.0)

PLATFORMS
  java

DEPENDENCIES
  api!
  authorization!
  backbone_fixtures_rails!
  bullet
  chorusgnip!
  core!
  factory_girl
  fixture_builder
  frontend!
  hadoopconf_gem!
  hashie
  jasmine!
  jasmine-core!
  jetpack!
  queue_classic!
  rr
  rspec-rails (= 2.99.0)
  shoulda-matchers
  simplecov
  sunspot_matchers
  timecop
  vis_legacy!

BUNDLED WITH
   1.10.6
