GIT
  remote: git://github.com/Chorus/gnip.git
  revision: c048a22652ed553ec6ab58dd84cfb4c9117eed24
  specs:
    chorusgnip (0.0.1)

GIT
  remote: git://github.com/Chorus/queue_classic.git
  revision: 3f30501e8bb15f394c07401aab083771ca5598f7
  specs:
    queue_classic (2.0.0)
      scrolls (~> 0.0.8)

PATH
  remote: .
  specs:
    core (1.0.0-java)
      actionmailer (= 4.1.10)
      activerecord (= 4.1.10)
      activerecord-jdbcpostgresql-adapter
      attr_encrypted
      clockwork
      honor_codes (~> 0.1.0)
      jruby-openssl
      logger-syslog
      net-ldap (= 0.11)
      newrelic_rpm
      paperclip (= 4.2.0)
      premailer-rails
      protected_attributes
      render_anywhere
      rubyzip (= 0.9.9)
      sequel (~> 4.0)
      sunspot_rails (= 2.1.0)
      will_paginate

GEM
  remote: https://rubygems.org/
  specs:
    actionmailer (4.1.10)
      actionpack (= 4.1.10)
      actionview (= 4.1.10)
      mail (~> 2.5, >= 2.5.4)
    actionpack (4.1.10)
      actionview (= 4.1.10)
      activesupport (= 4.1.10)
      rack (~> 1.5.2)
      rack-test (~> 0.6.2)
    actionview (4.1.10)
      activesupport (= 4.1.10)
      builder (~> 3.1)
      erubis (~> 2.7.0)
    activemodel (4.1.10)
      activesupport (= 4.1.10)
      builder (~> 3.1)
    activerecord (4.1.10)
      activemodel (= 4.1.10)
      activesupport (= 4.1.10)
      arel (~> 5.0.0)
    activerecord-jdbc-adapter (1.3.19)
      activerecord (>= 2.2)
    activerecord-jdbcpostgresql-adapter (1.3.19)
      activerecord-jdbc-adapter (~> 1.3.19)
      jdbc-postgres (>= 9.1)
    activesupport (4.1.10)
      i18n (~> 0.6, >= 0.6.9)
      json (~> 1.7, >= 1.7.7)
      minitest (~> 5.1)
      thread_safe (~> 0.1)
      tzinfo (~> 1.1)
    addressable (2.3.8)
    arel (5.0.1.20140414130214)
    attr_encrypted (1.3.4)
      encryptor (>= 1.3.0)
    builder (3.2.2)
    bullet (4.14.7)
      activesupport (>= 3.0.0)
      uniform_notifier (~> 1.9.0)
    chunky_png (1.3.4)
    ci_reporter (2.0.0)
      builder (>= 2.1.2)
    climate_control (0.0.3)
      activesupport (>= 3.0)
    clockwork (1.2.0)
      activesupport
      tzinfo
    cocaine (0.5.7)
      climate_control (>= 0.0.3, < 1.0)
    css_parser (1.3.7)
      addressable
    diff-lcs (1.2.5)
    encryptor (1.3.0)
    erubis (2.7.0)
    factory_girl (4.5.0)
      activesupport (>= 3.0.0)
    fakefs (0.4.2)
    faker (1.5.0)
      i18n (~> 0.5)
    fakeweb (1.3.0)
    fixture_builder (0.4.1)
      activerecord (>= 2)
      activesupport (>= 2)
    foreman (0.78.0)
      thor (~> 0.19.1)
    fuubar (1.3.3)
      rspec (>= 2.14.0, < 3.1.0)
      ruby-progressbar (~> 1.4)
    honor_codes (0.1.2)
      thor (~> 0.19.1)
    htmlentities (4.3.4)
    httparty (0.13.6)
      json (~> 1.8)
      multi_xml (>= 0.5.2)
    i18n (0.7.0)
    jdbc-postgres (9.4.1204)
    jruby-openssl (0.9.12-java)
    json (1.8.3-java)
    ladle (1.0.1-java)
    license_finder (2.0.4)
      bundler
      httparty
      thor
      xml-simple
    logger-syslog (1.7.1)
    mail (2.6.3)
      mime-types (>= 1.16, < 3)
    mime-types (2.6.2)
    minitest (5.8.0)
    multi_xml (0.5.5)
    net-ldap (0.11)
    newrelic_rpm (3.14.0.305)
    nokogiri (1.6.6.2-java)
    paperclip (4.2.0)
      activemodel (>= 3.0.0)
      activesupport (>= 3.0.0)
      cocaine (~> 0.5.3)
      mime-types
    pr_geohash (1.0.0)
    premailer (1.8.6)
      css_parser (>= 1.3.6)
      htmlentities (>= 4.0.0)
    premailer-rails (1.8.2)
      actionmailer (>= 3, < 5)
      premailer (~> 1.7, >= 1.7.9)
    protected_attributes (1.1.3)
      activemodel (>= 4.0.1, < 5.0)
    rack (1.5.5)
    rack-test (0.6.3)
      rack (>= 1.0)
    rails (4.1.10)
      actionmailer (= 4.1.10)
      actionpack (= 4.1.10)
      actionview (= 4.1.10)
      activemodel (= 4.1.10)
      activerecord (= 4.1.10)
      activesupport (= 4.1.10)
      bundler (>= 1.3.0, < 2.0)
      railties (= 4.1.10)
      sprockets-rails (~> 2.0)
    railties (4.1.10)
      actionpack (= 4.1.10)
      activesupport (= 4.1.10)
      rake (>= 0.8.7)
      thor (>= 0.18.1, < 2.0)
    rake (10.4.2)
    render_anywhere (0.0.12)
      rails (>= 3.0.7)
    rr (1.1.2)
    rsolr (1.0.10)
      builder (>= 2.1.2)
    rspec (2.99.0)
      rspec-core (~> 2.99.0)
      rspec-expectations (~> 2.99.0)
      rspec-mocks (~> 2.99.0)
    rspec-collection_matchers (1.1.2)
      rspec-expectations (>= 2.99.0.beta1)
    rspec-core (2.99.2)
    rspec-expectations (2.99.2)
      diff-lcs (>= 1.1.3, < 2.0)
    rspec-mocks (2.99.4)
    rspec-rails (2.99.0)
      actionpack (>= 3.0)
      activemodel (>= 3.0)
      activesupport (>= 3.0)
      railties (>= 3.0)
      rspec-collection_matchers
      rspec-core (~> 2.99.0)
      rspec-expectations (~> 2.99.0)
      rspec-mocks (~> 2.99.0)
    ruby-progressbar (1.7.5)
    rubyzip (0.9.9)
    scrolls (0.0.9)
    sequel (4.28.0)
    shoulda-matchers (2.8.0)
      activesupport (>= 3.0.0)
    sprockets (3.4.0)
      rack (> 1, < 3)
    sprockets-rails (2.3.3)
      actionpack (>= 3.0)
      activesupport (>= 3.0)
      sprockets (>= 2.8, < 4.0)
    sunspot (2.1.0)
      pr_geohash (~> 1.0)
      rsolr (~> 1.0.7)
    sunspot_matchers (2.1.0.0)
    sunspot_rails (2.1.0)
      nokogiri
      rails (>= 3)
      sunspot (= 2.1.0)
    sunspot_solr (2.1.0)
    thor (0.19.1)
    thread_safe (0.3.5-java)
    timecop (0.8.0)
    tzinfo (1.2.2)
      thread_safe (~> 0.1)
    uniform_notifier (1.9.0)
    vcr (2.3.0)
    will_paginate (3.0.7)
    xml-simple (1.1.5)

PLATFORMS
  java

DEPENDENCIES
  bullet
  chorusgnip!
  chunky_png
  ci_reporter
  core!
  factory_girl
  fakefs (= 0.4.2)
  faker
  fakeweb
  fixture_builder
  foreman
  fuubar
  ladle
  license_finder
  minitest
  queue_classic!
  rr
  rsolr (= 1.0.10)
  rspec-rails (= 2.99.0)
  shoulda-matchers
  sunspot_matchers (= 2.1.0)
  sunspot_solr (= 2.1.0)
  timecop
  vcr (~> 2.3.0)

BUNDLED WITH
   1.10.6
